GEM
  remote: http://rubygems.org/
  specs:
    dotenv (2.7.6)

PLATFORMS
  arm64-darwin-21

DEPENDENCIES
  dotenv

BUNDLED WITH
   2.2.22
